GEM
  remote: http://rubygems.org/
  specs:
    RedCloth (4.2.9)
    activesupport (3.2.13)
      i18n (= 0.6.1)
      multi_json (~> 1.0)
    classifier (1.3.3)
      fast-stemmer (>= 1.0.0)
    colorator (0.1)
    commander (4.1.3)
      highline (~> 1.6.11)
    directory_watcher (1.4.1)
    dotenv (0.8.0)
    fast-stemmer (1.0.2)
    flickraw (0.9.6)
    foreman (0.63.0)
      dotenv (>= 0.7)
      thor (>= 0.13.6)
    highline (1.6.19)
    i18n (0.6.1)
    jekyll (1.0.3)
      classifier (~> 1.3)
      colorator (~> 0.1)
      commander (~> 4.1.3)
      directory_watcher (~> 1.4.1)
      kramdown (~> 1.0.2)
      liquid (~> 2.3)
      maruku (~> 0.5)
      pygments.rb (~> 0.5.0)
      safe_yaml (~> 0.7.0)
    kgio (2.8.0)
    kramdown (1.0.2)
    liquid (2.5.0)
    maruku (0.6.1)
      syntax (>= 1.0.0)
    multi_json (1.7.7)
    posix-spawn (0.3.6)
    pygmentize (0.0.3)
    pygments.rb (0.5.1)
      posix-spawn (~> 0.3.6)
      yajl-ruby (~> 1.1.0)
    rack (1.5.2)
    rack-contrib (1.1.0)
      rack (>= 0.9.1)
    rack-rewrite (1.3.3)
    raindrops (0.11.0)
    rake (10.1.0)
    redcarpet (2.3.0)
    safe_yaml (0.7.1)
    syntax (1.0.0)
    thor (0.18.1)
    unicorn (4.5.0)
      kgio (~> 2.6)
      rack
      raindrops (~> 0.7)
    yajl-ruby (1.1.0)

PLATFORMS
  ruby

DEPENDENCIES
  RedCloth
  activesupport (~> 3.2.11)
  flickraw (~> 0.9.6)
  foreman (~> 0.63)
  jekyll
  pygmentize (~> 0.0.3)
  rack-contrib (~> 1.1.0)
  rack-rewrite (~> 1.3.3)
  rake
  redcarpet
  unicorn (~> 4.5.0)
